GIT
  remote: git@github.com:payt/not_nil.git
  revision: 704b0863e869d0a1dddb6172140494fdc3f1a08c
  specs:
    not_nil (0.0.0)

PATH
  remote: .
  specs:
    activerecord-not_nil (0.0.0)
      activerecord
      not_nil

GEM
  remote: https://rubygems.org/
  specs:
    activemodel (7.0.5)
      activesupport (= 7.0.5)
    activerecord (7.0.5)
      activemodel (= 7.0.5)
      activesupport (= 7.0.5)
    activesupport (7.0.5)
      concurrent-ruby (~> 1.0, >= 1.0.2)
      i18n (>= 1.6, < 2)
      minitest (>= 5.1)
      tzinfo (~> 2.0)
    concurrent-ruby (1.2.2)
    i18n (1.14.0)
      concurrent-ruby (~> 1.0)
    minitest (5.18.0)
    tzinfo (2.0.6)
      concurrent-ruby (~> 1.0)

PLATFORMS
  x86_64-darwin-22

DEPENDENCIES
  activerecord-not_nil!
  not_nil!

BUNDLED WITH
   2.4.4
